GEM
  remote: https://rubygems.org/
  specs:
    hiredis (0.5.2)
    rack (1.3.0)
    redis (3.1.0)
    sinatra (1.2.6)
      rack (~> 1.1)
      tilt (>= 1.2.2, < 2.0)
    tilt (1.3.2)

PLATFORMS
  ruby

DEPENDENCIES
  hiredis
  redis (>= 2.2.0)
  sinatra
