GEM
  remote: https://rubygems.org/
  specs:
    continuum-stager-api (0.2.0)
      json
      rest-client
    json (1.8.1)
    mime-types (2.3)
    netrc (0.7.7)
    rest-client (1.7.2)
      mime-types (>= 1.16, < 3.0)
      netrc (~> 0.7)

PLATFORMS
  ruby

DEPENDENCIES
  continuum-stager-api
